GEM
  remote: https://rubygems.org/
  specs:
    addressable (2.7.0)
      public_suffix (>= 2.0.2, < 5.0)
    asciidoctor (1.5.8)
    autoprefixer-rails (9.6.1.1)
      execjs
    colorator (1.1.0)
    concurrent-ruby (1.1.5)
    em-websocket (0.5.1)
      eventmachine (>= 0.12.9)
      http_parser.rb (~> 0.6.0)
    eventmachine (1.2.7)
    execjs (2.7.0)
    ffi (1.11.1)
    forwardable-extended (2.6.0)
    haml (5.0.0)
      temple (>= 0.8.0)
      tilt
    http_parser.rb (0.6.0)
    i18n (0.9.5)
      concurrent-ruby (~> 1.0)
    jekyll (3.8.5)
      addressable (~> 2.4)
      colorator (~> 1.0)
      em-websocket (~> 0.5)
      i18n (~> 0.7)
      jekyll-sass-converter (~> 1.0)
      jekyll-watch (~> 2.0)
      kramdown (~> 1.14)
      liquid (~> 4.0)
      mercenary (~> 0.3.3)
      pathutil (~> 0.9)
      rouge (>= 1.7, < 4)
      safe_yaml (~> 1.0)
    jekyll-asciidoc (2.1.1)
      asciidoctor (>= 1.5.0)
      jekyll (>= 2.3.0)
    jekyll-autoprefixer (1.0.2)
      autoprefixer-rails (~> 9.3)
    jekyll-feed (0.11.0)
      jekyll (~> 3.3)
    jekyll-paginate-v2 (1.9.2)
      jekyll (~> 3.0)
    jekyll-sass-converter (1.5.2)
      sass (~> 3.4)
    jekyll-seo-tag (2.6.1)
      jekyll (>= 3.3, < 5.0)
    jekyll-watch (2.2.1)
      listen (~> 3.0)
    kramdown (1.17.0)
    liquid (4.0.3)
    listen (3.1.5)
      rb-fsevent (~> 0.9, >= 0.9.4)
      rb-inotify (~> 0.9, >= 0.9.7)
      ruby_dep (~> 1.2)
    mercenary (0.3.6)
    minima (2.5.0)
      jekyll (~> 3.5)
      jekyll-feed (~> 0.9)
      jekyll-seo-tag (~> 2.1)
    multi_json (1.13.1)
    pathutil (0.16.2)
      forwardable-extended (~> 2.6)
    public_suffix (4.0.1)
    pygments.rb (1.2.1)
      multi_json (>= 1.0.0)
    rb-fsevent (0.10.3)
    rb-inotify (0.10.0)
      ffi (~> 1.0)
    rouge (3.10.0)
    ruby_dep (1.5.0)
    safe_yaml (1.0.5)
    sass (3.7.4)
      sass-listen (~> 4.0.0)
    sass-listen (4.0.0)
      rb-fsevent (~> 0.9, >= 0.9.4)
      rb-inotify (~> 0.9, >= 0.9.7)
    temple (0.8.2)
    thread_safe (0.3.6)
    tilt (2.0.9)

PLATFORMS
  ruby

DEPENDENCIES
  asciidoctor (= 1.5.8)
  haml (= 5.0.0)
  jekyll (= 3.8.5)
  jekyll-asciidoc (= 2.1.1)
  jekyll-autoprefixer (= 1.0.2)
  jekyll-feed (= 0.11.0)
  jekyll-paginate-v2 (= 1.9.2)
  minima (= 2.5.0)
  pygments.rb (= 1.2.1)
  thread_safe (= 0.3.6)
  tilt (= 2.0.9)
  tzinfo-data

BUNDLED WITH
   2.0.2
