GIT
  remote: https://github.com/FusionAuth/jekyll-remote-include.git
  revision: 39ae1a1744c8837d5ee64b11c5f982304ea940e5
  ref: 39ae1a1744c8837d5ee64b11c5f982304ea940e5
  specs:
    jekyll-remote-include (1.0.2)

GEM
  remote: https://rubygems.org/
  specs:
    addressable (2.8.0)
      public_suffix (>= 2.0.2, < 5.0)
    algolia_html_extractor (2.6.4)
      json (~> 2.0)
      nokogiri (~> 1.10)
    algoliasearch (1.27.5)
      httpclient (~> 2.8, >= 2.8.3)
      json (>= 1.5.1)
    asciidoctor (2.0.10)
    aws-eventstream (1.2.0)
    aws-sdk (2.11.632)
      aws-sdk-resources (= 2.11.632)
    aws-sdk-core (2.11.632)
      aws-sigv4 (~> 1.0)
      jmespath (~> 1.0)
    aws-sdk-resources (2.11.632)
      aws-sdk-core (= 2.11.632)
    aws-sigv4 (1.4.0)
      aws-eventstream (~> 1, >= 1.0.2)
    colorator (1.1.0)
    colored (1.2)
    concurrent-ruby (1.1.10)
    configure-s3-website (2.3.0)
      aws-sdk (~> 2)
      deep_merge (~> 1.0.0)
    cssminify2 (2.0.1)
    deep_merge (1.0.1)
    dotenv (1.0.2)
    em-websocket (0.5.3)
      eventmachine (>= 0.12.9)
      http_parser.rb (~> 0)
    eventmachine (1.2.7)
    execjs (2.8.1)
    ffi (1.15.5)
    filesize (0.2.0)
    forwardable-extended (2.6.0)
    haml (5.1.2)
      temple (>= 0.8.0)
      tilt
    htmlcompressor (0.4.0)
    http_parser.rb (0.8.0)
    httpclient (2.8.3)
    i18n (1.10.0)
      concurrent-ruby (~> 1.0)
    jekyll (4.2.2)
      addressable (~> 2.4)
      colorator (~> 1.0)
      em-websocket (~> 0.5)
      i18n (~> 1.0)
      jekyll-sass-converter (~> 2.0)
      jekyll-watch (~> 2.0)
      kramdown (~> 2.3)
      kramdown-parser-gfm (~> 1.0)
      liquid (~> 4.0)
      mercenary (~> 0.4.0)
      pathutil (~> 0.9)
      rouge (~> 3.0)
      safe_yaml (~> 1.0)
      terminal-table (~> 2.0)
    jekyll-algolia (1.7.1)
      algolia_html_extractor (~> 2.6)
      algoliasearch (~> 1.26)
      filesize (~> 0.1)
      jekyll (>= 3.6, < 5.0)
      json (~> 2.0)
      nokogiri (~> 1.6)
      progressbar (~> 1.9)
      verbal_expressions (~> 0.1.5)
    jekyll-archives (2.2.1)
      jekyll (>= 3.6, < 5.0)
    jekyll-asciidoc (2.1.1)
      asciidoctor (>= 1.5.0)
      jekyll (>= 2.3.0)
    jekyll-datapage-generator (1.4.0)
    jekyll-environment-variables (1.0.1)
      jekyll (>= 3.0, < 5.x)
    jekyll-feed (0.13.0)
      jekyll (>= 3.7, < 5.0)
    jekyll-minifier (0.1.10)
      cssminify2 (~> 2.0)
      htmlcompressor (~> 0.4)
      jekyll (>= 3.5)
      json-minify (~> 0.0.3)
      uglifier (~> 4.1)
    jekyll-paginate-v2 (3.0.0)
      jekyll (>= 3.0, < 5.0)
    jekyll-sass-converter (2.2.0)
      sassc (> 2.0.1, < 3.0)
    jekyll-watch (2.2.1)
      listen (~> 3.0)
    jmespath (1.6.1)
    json (2.6.1)
    json-minify (0.0.3)
      json (> 0)
    kramdown (2.3.2)
      rexml
    kramdown-parser-gfm (1.1.0)
      kramdown (~> 2.0)
    liquid (4.0.3)
    listen (3.7.1)
      rb-fsevent (~> 0.10, >= 0.10.3)
      rb-inotify (~> 0.9, >= 0.9.10)
    mercenary (0.4.0)
    mini_portile2 (2.8.0)
    nokogiri (1.13.10)
      mini_portile2 (~> 2.8.0)
      racc (~> 1.4)
    nokogiri (1.13.10-x86_64-darwin)
      racc (~> 1.4)
    pathutil (0.16.2)
      forwardable-extended (~> 2.6)
    progressbar (1.11.0)
    public_suffix (4.0.7)
    pygments.rb (2.3.0)
    racc (1.6.1)
    rb-fsevent (0.11.1)
    rb-inotify (0.10.1)
      ffi (~> 1.0)
    rexml (3.2.5)
    rouge (3.28.0)
    s3_website (3.4.0)
      colored (= 1.2)
      configure-s3-website (= 2.3.0)
      dotenv (~> 1.0)
      thor (~> 0.18)
    safe_yaml (1.0.5)
    sassc (2.3.0)
      ffi (~> 1.9)
    temple (0.8.2)
    terminal-table (2.0.0)
      unicode-display_width (~> 1.1, >= 1.1.1)
    thor (0.20.3)
    tilt (2.0.10)
    uglifier (4.2.0)
      execjs (>= 0.3.0, < 3)
    unicode-display_width (1.8.0)
    verbal_expressions (0.1.5)

PLATFORMS
  ruby
  x86_64-darwin-19

DEPENDENCIES
  asciidoctor (= 2.0.10)
  haml (= 5.1.2)
  jekyll (= 4.2.2)
  jekyll-algolia (~> 1.0)
  jekyll-archives (= 2.2.1)
  jekyll-asciidoc (= 2.1.1)
  jekyll-datapage-generator (= 1.4.0)
  jekyll-environment-variables
  jekyll-feed (= 0.13.0)
  jekyll-minifier (= 0.1.10)
  jekyll-paginate-v2 (= 3.0.0)
  jekyll-remote-include!
  pygments.rb (= 2.3.0)
  s3_website (~> 3.4)
  sassc (= 2.3.0)
  tilt (= 2.0.10)
  tzinfo-data

RUBY VERSION
   ruby 2.7.5p203

BUNDLED WITH
   2.2.5
